GEM
  remote: http://rubygems.org/
  specs:
    addressable (2.3.2)
    coderay (1.0.8)
    crack (0.3.1)
    diff-lcs (1.1.3)
    faraday (0.8.4)
      multipart-post (~> 1.1)
    faraday-stack (0.1.3)
      faraday (~> 0.6)
    method_source (0.8.1)
    multi_json (1.5.0)
    multipart-post (1.1.5)
    pry (0.9.10)
      coderay (~> 1.0.5)
      method_source (~> 0.8)
      slop (~> 3.3.1)
    rake (10.0.3)
    rspec (2.12.0)
      rspec-core (~> 2.12.0)
      rspec-expectations (~> 2.12.0)
      rspec-mocks (~> 2.12.0)
    rspec-core (2.12.2)
    rspec-expectations (2.12.1)
      diff-lcs (~> 1.1.3)
    rspec-mocks (2.12.1)
    settingslogic (2.0.9)
    simplecov (0.7.1)
      multi_json (~> 1.0)
      simplecov-html (~> 0.7.1)
    simplecov-html (0.7.1)
    slop (3.3.3)
    vcr (2.4.0)
    webmock (1.9.0)
      addressable (>= 2.2.7)
      crack (>= 0.1.7)

PLATFORMS
  ruby

DEPENDENCIES
  faraday (~> 0.8.2)
  faraday-stack
  pry
  rake
  rspec
  settingslogic
  simplecov
  vcr
  webmock
