GEM
  remote: http://ruby.taobao.org/
  specs:
    active_support (3.0.0)
      activesupport (= 3.0.0)
    activesupport (3.0.0)
    addressable (2.2.8)
    crack (0.3.1)
    diff-lcs (1.1.3)
    faraday (0.8.0.rc2)
      multipart-post (~> 1.1)
    faraday-stack (0.1.5)
      faraday (>= 0.6, < 0.8)
    multipart-post (1.1.5)
    rake (0.9.2.2)
    rspec (2.10.0)
      rspec-core (~> 2.10.0)
      rspec-expectations (~> 2.10.0)
      rspec-mocks (~> 2.10.0)
    rspec-core (2.10.1)
    rspec-expectations (2.10.0)
      diff-lcs (~> 1.1.3)
    rspec-mocks (2.10.1)
    vcr (2.2.1)
    webmock (1.8.7)
      addressable (>= 2.2.7)
      crack (>= 0.1.7)

PLATFORMS
  ruby

DEPENDENCIES
  active_support
  faraday (= 0.8.0.rc2)
  faraday-stack
  rake
  rspec
  vcr
  webmock
